PATH
  remote: .
  specs:
    24games (0.1.0)

GEM
  remote: http://rubygems.org/
  specs:

PLATFORMS
  x86-mingw32

DEPENDENCIES
  24games!
  bundler (>= 1.0.0)
